GEM
  remote: https://rubygems.org/
  specs:
    aws-eventstream (1.1.0)
    aws-partitions (1.428.0)
    aws-record (2.5.0)
      aws-sdk-dynamodb (~> 1.18)
    aws-sdk-core (3.112.0)
      aws-eventstream (~> 1, >= 1.0.2)
      aws-partitions (~> 1, >= 1.239.0)
      aws-sigv4 (~> 1.1)
      jmespath (~> 1.0)
    aws-sdk-dynamodb (1.59.0)
      aws-sdk-core (~> 3, >= 3.112.0)
      aws-sigv4 (~> 1.1)
    aws-sigv4 (1.2.2)
      aws-eventstream (~> 1, >= 1.0.2)
    google_maps_service (0.4.2)
      hurley (~> 0.1)
      multi_json (~> 1.11)
      retriable (~> 2.0)
    hurley (0.2)
    jmespath (1.4.0)
    json (2.5.1)
    multi_json (1.15.0)
    rakuten_web_service (1.13.0)
      json (~> 2.3)
    retriable (2.1.0)

PLATFORMS
  x86_64-darwin-20

DEPENDENCIES
  aws-record (~> 2.0)
  google_maps_service
  rakuten_web_service

BUNDLED WITH
   2.2.9
